GEM
  remote: https://rubygems.org/
  specs:
    digest-crc (0.7.0)
      rake (>= 12.0.0, < 14.0.0)
    ffi (1.17.1)
    ffi (1.17.1-aarch64-linux-gnu)
    ffi (1.17.1-aarch64-linux-musl)
    ffi (1.17.1-arm-linux-gnu)
    ffi (1.17.1-arm-linux-musl)
    ffi (1.17.1-arm64-darwin)
    ffi (1.17.1-x86-linux-gnu)
    ffi (1.17.1-x86-linux-musl)
    ffi (1.17.1-x86_64-darwin)
    ffi (1.17.1-x86_64-linux-gnu)
    ffi (1.17.1-x86_64-linux-musl)
    mini_portile2 (2.8.8)
    rake (13.2.1)
    rdkafka (0.21.0)
      ffi (~> 1.15)
      mini_portile2 (~> 2.6)
      rake (> 12)
    ruby-kafka (1.5.0)
      digest-crc

PLATFORMS
  aarch64-linux-gnu
  aarch64-linux-musl
  arm-linux-gnu
  arm-linux-musl
  arm64-darwin
  ruby
  x86-linux-gnu
  x86-linux-musl
  x86_64-darwin
  x86_64-linux-gnu
  x86_64-linux-musl

DEPENDENCIES
  rdkafka
  ruby-kafka

RUBY VERSION
   ruby 3.3.7p123

BUNDLED WITH
   2.5.22
